PATH
  remote: .
  specs:
    rack-tor-block (0.0.2)
      rack (>= 1.3)

GEM
  remote: http://rubygems.org/
  specs:
    rack (1.5.2)
    rake (10.1.0)

PLATFORMS
  ruby

DEPENDENCIES
  rack-tor-block!
  rake (> 0)
