PATH
  remote: .
  specs:
    rack-tor-tag (0.0.7)
      rack (>= 1.3)

GEM
  remote: http://rubygems.org/
  specs:
    rack (1.5.2)
    rake (10.1.1)

PLATFORMS
  ruby

DEPENDENCIES
  rack-tor-tag!
  rake (> 0)
